GIT
  remote: git@github.com:karmi/elasticsearch-rails.git
  revision: 078b67333aa1cbe62fadab05ad5e1614aa6e10ea
  specs:
    elasticsearch-model (0.0.0)
      elasticsearch (~> 0.4)
      hashie

PATH
  remote: .
  specs:
    pickwick-api (0.0.1)
      activemodel (~> 4)
      jbuilder
      oj
      rdiscount
      ruby-duration
      sinatra
      virtus

GEM
  remote: https://rubygems.org/
  specs:
    activemodel (4.0.1)
      activesupport (= 4.0.1)
      builder (~> 3.1.0)
    activesupport (4.0.1)
      i18n (~> 0.6, >= 0.6.4)
      minitest (~> 4.2)
      multi_json (~> 1.3)
      thread_safe (~> 0.1)
      tzinfo (~> 0.3.37)
    ansi (1.4.3)
    atomic (1.1.14)
    axiom-types (0.0.5)
      descendants_tracker (~> 0.0.1)
      ice_nine (~> 0.9)
    backports (3.3.5)
    builder (3.1.4)
    coderay (1.0.9)
    coercible (0.2.0)
      backports (~> 3.0, >= 3.1.0)
      descendants_tracker (~> 0.0.1)
    descendants_tracker (0.0.3)
    docile (1.1.1)
    elasticsearch (0.4.1)
      elasticsearch-api (= 0.4.1)
      elasticsearch-transport (= 0.4.1)
    elasticsearch-api (0.4.1)
      multi_json
    elasticsearch-transport (0.4.1)
      faraday
      multi_json
    equalizer (0.0.8)
    factory_girl (4.3.0)
      activesupport (>= 3.0.0)
    faker (1.2.0)
      i18n (~> 0.5)
    faraday (0.8.8)
      multipart-post (~> 1.2.0)
    hashie (2.0.5)
    i18n (0.6.5)
    ice_nine (0.10.0)
    iso8601 (0.4.1)
    jbuilder (1.5.3)
      activesupport (>= 3.0.0)
      multi_json (>= 1.2.0)
    metaclass (0.0.1)
    method_source (0.8.2)
    minitest (4.7.5)
    mocha (0.14.0)
      metaclass (~> 0.0.1)
    multi_json (1.8.2)
    multipart-post (1.2.0)
    oj (2.4.0)
    pry (0.9.12.2)
      coderay (~> 1.0.5)
      method_source (~> 0.8)
      slop (~> 3.4)
    rack (1.5.2)
    rack-protection (1.5.1)
      rack
    rack-test (0.6.2)
      rack (>= 1.0)
    rake (10.1.0)
    rdiscount (2.1.7)
    ruby-duration (3.1.0)
      activesupport (>= 3.0.0)
      i18n
      iso8601
    shotgun (0.9)
      rack (>= 1.0)
    shoulda-context (1.1.6)
    simplecov (0.8.2)
      docile (~> 1.1.0)
      multi_json
      simplecov-html (~> 0.8.0)
    simplecov-html (0.8.0)
    sinatra (1.4.4)
      rack (~> 1.4)
      rack-protection (~> 1.4)
      tilt (~> 1.3, >= 1.3.4)
    slop (3.4.6)
    thread_safe (0.1.3)
      atomic
    tilt (1.4.1)
    turn (0.9.6)
      ansi
    tzinfo (0.3.38)
    vcr (2.8.0)
    virtus (1.0.0)
      axiom-types (~> 0.0.5)
      coercible (~> 0.2)
      descendants_tracker (~> 0.0.1)
      equalizer (~> 0.0.7)

PLATFORMS
  ruby

DEPENDENCIES
  bundler (~> 1.3)
  elasticsearch-model!
  factory_girl
  faker
  mocha
  pickwick-api!
  pry
  rack-test
  rake
  shotgun
  shoulda-context
  simplecov
  turn
  vcr
